PATH
  remote: .
  specs:
    backports (3.8.0)

GEM
  remote: http://rubygems.org/
  specs:
    activesupport (3.2.13)
      i18n (= 0.6.1)
      multi_json (~> 1.0)
    i18n (0.6.1)
    minitest (4.7.5)
    mspec (1.9.1)
    multi_json (1.7.2)
    rake (10.1.0)
    test-unit (2.1.1.0)

PLATFORMS
  java
  ruby

DEPENDENCIES
  activesupport
  backports!
  minitest (< 5.0.0)
  mspec
  rake
  test-unit
